GEM
  remote: http://rubygems.org/
  specs:
    addressable (2.2.8)
    backports (2.5.1)
    bcrypt-ruby (3.0.1)
    cf-uaa-client (0.0.12.beta.2)
      em-http-request (<= 1.0.0.beta.3, < 1.0.1)
      eventmachine
      interact
      json_pure
      launchy
      rest-client
      thor
    daemons (1.1.8)
    diff-lcs (1.1.3)
    em-http-request (1.0.0.beta.3)
      addressable (>= 2.2.3)
      em-socksify
      eventmachine
      http_parser.rb (>= 0.5.1)
    em-socksify (0.1.0)
      eventmachine
    eventmachine (0.12.11.cloudfoundry.3)
    http_parser.rb (0.5.3)
    interact (0.4)
    json_pure (1.7.3)
    launchy (2.1.0)
      addressable (~> 2.2.6)
    machinist (1.0.6)
    mime-types (1.18)
    multi_json (1.3.4)
    nats (0.4.24)
      daemons (>= 1.1.5)
      eventmachine (>= 0.12.10)
      json_pure (>= 1.7.3)
      thin (>= 1.3.1)
    pg (0.13.2)
    posix-spawn (0.3.6)
    rack (1.4.1)
    rack-protection (1.2.0)
      rack
    rack-test (0.6.1)
      rack (>= 1.0)
    rake (0.9.2.2)
    rest-client (1.6.7)
      mime-types (>= 1.16)
    rfc822 (0.1.1)
    rspec (2.9.0)
      rspec-core (~> 2.9.0)
      rspec-expectations (~> 2.9.0)
      rspec-mocks (~> 2.9.0)
    rspec-core (2.9.0)
    rspec-expectations (2.9.1)
      diff-lcs (~> 1.1.3)
    rspec-mocks (2.9.0)
    ruby-graphviz (1.0.5)
    sequel (3.35.0)
    simplecov (0.6.2)
      multi_json (~> 1.3)
      simplecov-html (~> 0.5.3)
    simplecov-html (0.5.3)
    sinatra (1.3.2)
      rack (~> 1.3, >= 1.3.6)
      rack-protection (~> 1.2)
      tilt (~> 1.3, >= 1.3.3)
    sinatra-contrib (1.3.1)
      backports (>= 2.0)
      eventmachine
      rack-protection
      rack-test
      sinatra (~> 1.3.0)
      tilt (~> 1.3)
    sqlite3 (1.3.6)
    thin (1.3.1)
      daemons (>= 1.0.9)
      eventmachine (>= 0.12.6)
      rack (>= 1.0.0)
    thor (0.14.6)
    tilt (1.3.3)
    vcap_common (1.0.13)
      eventmachine (~> 0.12.11.cloudfoundry.3)
      nats (~> 0.4.22.beta.8)
      posix-spawn (~> 0.3.6)
      thin (~> 1.3.1)
      yajl-ruby (~> 0.8.3)
    vcap_logging (1.0.1)
      rake
    yajl-ruby (0.8.3)

PLATFORMS
  ruby

DEPENDENCIES
  bcrypt-ruby
  cf-uaa-client (~> 0.0.12.beta.2)
  eventmachine (~> 0.12.11.cloudfoundry.3)
  machinist (~> 1.0.6)
  pg
  rake
  rfc822
  rspec
  ruby-graphviz
  sequel
  simplecov
  sinatra
  sinatra-contrib
  sqlite3
  vcap_common (~> 1.0.13)
  vcap_logging
  yajl-ruby
