GIT
  remote: git://github.com/cloudfoundry/uaa
  revision: 792e78165f7702e1e9d512198e6cf9a035ecddab
  ref: 792e7816
  specs:
    cf-uaa-client (0.2.0)
      em-http-request (>= 1.0.0.beta.3, <= 1.0.0.beta.3)
      eventmachine
      interact
      json_pure
      launchy
      rest-client
      thor

GIT
  remote: git://github.com/cloudfoundry/vcap-common.git
  revision: b9024a52348223b146ce51126486e88816fa03f4
  ref: b9024a52
  specs:
    vcap_common (2.0.10)
      em-http-request (~> 1.0.0.beta3, < 1.0.0.beta4)
      eventmachine
      httpclient
      membrane (~> 0.0.2)
      mime-types
      multipart-post
      nats (~> 0.4.24)
      posix-spawn (~> 0.3.6)
      thin
      yajl-ruby

GIT
  remote: git://github.com/cloudfoundry/vcap-concurrency.git
  revision: 2a5b0179642cb3d3e7f912a6453ec5731979d115
  specs:
    vcap-concurrency (0.1.0)

GIT
  remote: https://github.com/cloudfoundry/stager-client.git
  revision: 04c2aee9ceed39571d47704a42a70beb472503b9
  ref: 04c2aee9
  specs:
    stager-client (0.0.2)
      eventmachine
      nats
      yajl-ruby

GEM
  remote: http://rubygems.org/
  specs:
    activesupport (3.2.8)
      i18n (~> 0.6)
      multi_json (~> 1.0)
    addressable (2.3.2)
    backports (2.6.1)
    bcrypt-ruby (3.0.1)
    builder (3.0.0)
    ci_reporter (1.7.0)
      builder (>= 2.1.2)
    crack (0.3.1)
    daemons (1.1.8)
    diff-lcs (1.1.3)
    em-http-request (1.0.0.beta.3)
      addressable (>= 2.2.3)
      em-socksify
      eventmachine
      http_parser.rb (>= 0.5.1)
    em-socksify (0.1.0)
      eventmachine
    eventmachine (1.0.0)
    grape (0.2.2)
      activesupport
      hashie (~> 1.2)
      multi_json (>= 1.3.2)
      multi_xml
      rack
      rack-accept
      rack-mount
      virtus
    guard (1.4.0)
      listen (>= 0.4.2)
      thor (>= 0.14.6)
    guard-rspec (1.2.1)
      guard (>= 1.1)
    hashie (1.2.0)
    http_parser.rb (0.5.3)
    httpclient (2.2.5)
    i18n (0.6.1)
    interact (0.4.6)
    json_pure (1.7.4)
    launchy (2.1.1)
      addressable (~> 2.3)
    listen (0.5.3)
    machinist (1.0.6)
    membrane (0.0.2)
    mime-types (1.19)
    multi_json (1.3.6)
    multi_xml (0.5.1)
    multipart-post (1.1.5)
    nats (0.4.24)
      daemons (>= 1.1.5)
      eventmachine (>= 0.12.10)
      json_pure (>= 1.7.3)
      thin (>= 1.3.1)
    pg (0.13.2)
    posix-spawn (0.3.6)
    rack (1.4.1)
    rack-accept (0.4.5)
      rack (>= 0.4)
    rack-mount (0.8.3)
      rack (>= 1.0.0)
    rack-protection (1.2.0)
      rack
    rack-test (0.6.1)
      rack (>= 1.0)
    rake (0.9.2.2)
    redis (3.0.1)
    rest-client (1.6.7)
      mime-types (>= 1.16)
    rfc822 (0.1.1)
    rspec (2.10.0)
      rspec-core (~> 2.10.0)
      rspec-expectations (~> 2.10.0)
      rspec-mocks (~> 2.10.0)
    rspec-core (2.10.1)
    rspec-expectations (2.10.0)
      diff-lcs (~> 1.1.3)
    rspec-mocks (2.10.1)
    ruby-graphviz (1.0.5)
    sequel (3.40.0)
    simplecov (0.6.4)
      multi_json (~> 1.0)
      simplecov-html (~> 0.5.3)
    simplecov-html (0.5.3)
    simplecov-rcov (0.2.3)
      simplecov (>= 0.4.1)
    sinatra (1.3.2)
      rack (~> 1.3, >= 1.3.6)
      rack-protection (~> 1.2)
      tilt (~> 1.3, >= 1.3.3)
    sinatra-contrib (1.3.1)
      backports (>= 2.0)
      eventmachine
      rack-protection
      rack-test
      sinatra (~> 1.3.0)
      tilt (~> 1.3)
    sqlite3 (1.3.6)
    steno (1.0.0)
      grape
      yajl-ruby (~> 1.0)
    thin (1.3.1)
      daemons (>= 1.0.9)
      eventmachine (>= 0.12.6)
      rack (>= 1.0.0)
    thor (0.15.4)
    tilt (1.3.3)
    virtus (0.5.2)
      backports (~> 2.6.1)
    webmock (1.8.11)
      addressable (>= 2.2.7)
      crack (>= 0.1.7)
    yajl-ruby (1.1.0)

PLATFORMS
  ruby

DEPENDENCIES
  bcrypt-ruby
  cf-uaa-client (~> 0.2.0)!
  ci_reporter
  eventmachine (~> 1.0.0)
  guard-rspec
  httpclient
  machinist (~> 1.0.6)
  membrane (~> 0.0.2)
  pg
  rake
  redis
  rfc822
  rspec
  ruby-graphviz
  sequel
  simplecov
  simplecov-rcov
  sinatra
  sinatra-contrib
  sqlite3
  stager-client (~> 0.0.02)!
  steno (~> 1.0.0)
  vcap-concurrency!
  vcap_common (~> 2.0.8)!
  webmock
  yajl-ruby
