GIT
  remote: https://github.com/cloudfoundry/vcap-concurrency.git
  revision: 2a5b0179642cb3d3e7f912a6453ec5731979d115
  ref: 2a5b0179
  specs:
    vcap-concurrency (0.1.0)

GIT
  remote: https://github.com/fog/fog-azure-rm.git
  revision: baaf3f4d684f82561aa8695412fec98f363bdd7f
  branch: fog-arm-cf
  specs:
    fog-azure-rm (0.4.7)
      azure-storage (>= 0.11.5.preview, < 1.0)
      azure_mgmt_compute (~> 0.9.0)
      azure_mgmt_dns (~> 0.9.0)
      azure_mgmt_key_vault (~> 0.9.0)
      azure_mgmt_network (~> 0.9.0)
      azure_mgmt_resources (~> 0.9.0)
      azure_mgmt_sql (~> 0.9.0)
      azure_mgmt_storage (~> 0.9.0)
      azure_mgmt_traffic_manager (~> 0.9.0)
      fog-core (~> 1.43)
      fog-json (~> 1.0.2)
      mime-types (~> 3.0)
      vhd (= 0.0.4)

GIT
  remote: https://github.com/sporkrb/spork
  revision: 224df492657e617a0c93c0319e78f0eefee5b636
  ref: 224df49
  specs:
    spork (1.0.0rc4)

GEM
  remote: https://rubygems.org/
  specs:
    actionpack (5.2.2.1)
      actionview (= 5.2.2.1)
      activesupport (= 5.2.2.1)
      rack (~> 2.0)
      rack-test (>= 0.6.3)
      rails-dom-testing (~> 2.0)
      rails-html-sanitizer (~> 1.0, >= 1.0.2)
    actionview (5.2.2.1)
      activesupport (= 5.2.2.1)
      builder (~> 3.1)
      erubi (~> 1.4)
      rails-dom-testing (~> 2.0)
      rails-html-sanitizer (~> 1.0, >= 1.0.3)
    activemodel (5.2.2.1)
      activesupport (= 5.2.2.1)
    activesupport (5.2.2.1)
      concurrent-ruby (~> 1.0, >= 1.0.2)
      i18n (>= 0.7, < 2)
      minitest (~> 5.1)
      tzinfo (~> 1.1)
    addressable (2.6.0)
      public_suffix (>= 2.0.2, < 4.0)
    allowy (2.1.0)
      activesupport (>= 3.2)
      i18n
    ast (2.4.0)
    awesome_print (1.8.0)
    azure-core (0.1.14)
      faraday (~> 0.9)
      faraday_middleware (~> 0.10)
      nokogiri (~> 1.6)
    azure-storage (0.14.0.preview)
      azure-core (~> 0.1)
      faraday (~> 0.9)
      faraday_middleware (~> 0.10)
      nokogiri (~> 1.6, >= 1.6.8)
    azure_mgmt_compute (0.9.0)
      ms_rest_azure (~> 0.7.0)
    azure_mgmt_dns (0.9.0)
      ms_rest_azure (~> 0.7.0)
    azure_mgmt_key_vault (0.9.0)
      ms_rest_azure (~> 0.7.0)
    azure_mgmt_network (0.9.0)
      ms_rest_azure (~> 0.7.0)
    azure_mgmt_resources (0.9.0)
      ms_rest_azure (~> 0.7.0)
    azure_mgmt_sql (0.9.0)
      ms_rest_azure (~> 0.7.0)
    azure_mgmt_storage (0.9.0)
      ms_rest_azure (~> 0.7.0)
    azure_mgmt_traffic_manager (0.9.0)
      ms_rest_azure (~> 0.7.0)
    backport (1.1.1)
    backports (3.11.4)
    beefcake (1.0.0)
    bit-struct (0.16)
    bits_service_client (3.3.0)
      activesupport
      steno
    builder (3.2.3)
    byebug (10.0.2)
    cf-copilot (0.0.14)
      grpc (~> 1.0)
    cf-perm (0.0.10)
      grpc (~> 1.0)
    cf-perm-test-helpers (0.0.6)
      ruby-mysql (~> 2.9.14)
      subprocess (~> 1)
    cf-uaa-lib (3.14.3)
      httpclient (~> 2.8, >= 2.8.2.4)
      multi_json (~> 1.12.0, >= 1.12.1)
    clockwork (2.0.3)
      tzinfo
    cloudfront-signer (3.0.2)
    codeclimate-test-reporter (1.0.8)
      simplecov (<= 0.13)
    coderay (1.1.2)
    concurrent-ruby (1.1.5)
    cookiejar (0.3.3)
    crack (0.4.3)
      safe_yaml (~> 1.0.0)
    crass (1.0.4)
    daemons (1.2.6)
    debase (0.2.2)
      debase-ruby_core_source (>= 0.10.2)
    debase-ruby_core_source (0.10.3)
    declarative (0.0.10)
    declarative-option (0.1.0)
    delayed_job (4.1.5)
      activesupport (>= 3.0, < 5.3)
    diff-lcs (1.3)
    docile (1.1.5)
    domain_name (0.5.20180417)
      unf (>= 0.0.5, < 1.0.0)
    em-http-request (1.1.5)
      addressable (>= 2.3.4)
      cookiejar (!= 0.3.1)
      em-socksify (>= 0.3)
      eventmachine (>= 1.0.3)
      http_parser.rb (>= 0.6.0)
    em-socksify (0.3.2)
      eventmachine (>= 1.0.0.beta.4)
    erubi (1.8.0)
    eventmachine (1.0.9.1)
    excon (0.64.0)
    faraday (0.15.4)
      multipart-post (>= 1.2, < 3)
    faraday-cookie_jar (0.0.6)
      faraday (>= 0.7.4)
      http-cookie (~> 1.0.0)
    faraday_middleware (0.12.2)
      faraday (>= 0.7.4, < 1.0)
    ffi (1.9.25)
    fluent-logger (0.7.2)
      msgpack (>= 1.0.0, < 2)
    fog-aliyun (0.3.5)
      fog-core
      fog-json
      ipaddress (~> 0.8)
      xml-simple (~> 1.1)
    fog-aws (2.0.1)
      fog-core (~> 1.38)
      fog-json (~> 1.0)
      fog-xml (~> 0.1)
      ipaddress (~> 0.8)
    fog-core (1.45.0)
      builder
      excon (~> 0.58)
      formatador (~> 0.2)
    fog-google (1.7.1)
      fog-core
      fog-json
      fog-xml
      google-api-client (~> 0.23.0)
    fog-json (1.0.2)
      fog-core (~> 1.0)
      multi_json (~> 1.10)
    fog-local (0.5.0)
      fog-core (>= 1.27, < 3.0)
    fog-openstack (0.1.25)
      fog-core (~> 1.40)
      fog-json (>= 1.0)
      ipaddress (>= 0.8)
    fog-xml (0.1.3)
      fog-core
      nokogiri (>= 1.5.11, < 2.0.0)
    formatador (0.2.5)
    google-api-client (0.23.9)
      addressable (~> 2.5, >= 2.5.1)
      googleauth (>= 0.5, < 0.7.0)
      httpclient (>= 2.8.1, < 3.0)
      mime-types (~> 3.0)
      representable (~> 3.0)
      retriable (>= 2.0, < 4.0)
      signet (~> 0.9)
    google-protobuf (3.7.1)
    google-protobuf (3.7.1-universal-darwin)
    google-protobuf (3.7.1-x86_64-linux)
    googleapis-common-protos (1.3.7)
      google-protobuf (~> 3.0)
      googleapis-common-protos-types (~> 1.0)
      grpc (~> 1.0)
    googleapis-common-protos-types (1.0.3)
      google-protobuf (~> 3.0)
    googleauth (0.6.7)
      faraday (~> 0.12)
      jwt (>= 1.4, < 3.0)
      memoist (~> 0.16)
      multi_json (~> 1.11)
      os (>= 0.9, < 2.0)
      signet (~> 0.7)
    grpc (1.19.0)
      google-protobuf (~> 3.1)
      googleapis-common-protos-types (~> 1.0.0)
    grpc (1.19.0-universal-darwin)
      google-protobuf (~> 3.1)
      googleapis-common-protos-types (~> 1.0.0)
    grpc (1.19.0-x86_64-linux)
      google-protobuf (~> 3.1)
      googleapis-common-protos-types (~> 1.0.0)
    hashdiff (0.3.8)
    htmlentities (4.3.4)
    http-cookie (1.0.3)
      domain_name (~> 0.5)
    http_parser.rb (0.6.0)
    httpclient (2.8.3)
    i18n (1.6.0)
      concurrent-ruby (~> 1.0)
    ipaddress (0.8.3)
    jaro_winkler (1.5.3)
    json (1.8.6)
    json-schema (2.8.0)
      addressable (>= 2.4)
    json_pure (2.1.0)
    jwt (2.2.1)
    kramdown (1.17.0)
    listen (3.1.5)
      rb-fsevent (~> 0.9, >= 0.9.4)
      rb-inotify (~> 0.9, >= 0.9.7)
      ruby_dep (~> 1.2)
    loggregator_emitter (5.2.0)
      beefcake (~> 1.0.0)
    loofah (2.2.3)
      crass (~> 1.0.2)
      nokogiri (>= 1.5.9)
    machinist (1.0.6)
    membrane (1.1.0)
    memoist (0.16.0)
    method_source (0.9.2)
    middleware (0.1.0)
    mime-types (3.2.2)
      mime-types-data (~> 3.2015)
    mime-types-data (3.2019.0331)
    mini_portile2 (2.4.0)
    minitest (5.11.3)
    ms_rest (0.6.4)
      concurrent-ruby (~> 1.0)
      faraday (~> 0.9)
      timeliness (~> 0.3)
    ms_rest_azure (0.7.0)
      concurrent-ruby (~> 1.0)
      faraday (~> 0.9)
      faraday-cookie_jar (~> 0.0.6)
      ms_rest (~> 0.6.3)
    msgpack (1.2.4)
    multi_json (1.12.2)
    multipart-parser (0.1.1)
    multipart-post (2.1.1)
    mustache (0.99.8)
    mustermann (1.0.3)
    mysql2 (0.5.2)
    net-ssh (5.0.2)
    netaddr (2.0.3)
    newrelic_rpm (5.3.0.346)
    nokogiri (1.10.4)
      mini_portile2 (~> 2.4.0)
    os (1.0.1)
    palm_civet (1.1.0)
    parallel (1.17.0)
    parallel_tests (2.27.1)
      parallel
    parser (2.6.3.0)
      ast (~> 2.4.0)
    pg (1.0.0)
    posix-spawn (0.3.13)
    protobuf (3.6.12)
      activesupport (>= 3.2)
      middleware
      thor
      thread_safe
    pry (0.12.2)
      coderay (~> 1.1.0)
      method_source (~> 0.9.0)
    pry-byebug (3.6.0)
      byebug (~> 10.0)
      pry (~> 0.10)
    public_suffix (3.1.0)
    rack (2.0.7)
    rack-protection (2.0.5)
      rack
    rack-test (1.1.0)
      rack (>= 1.0, < 3)
    rails-dom-testing (2.0.3)
      activesupport (>= 4.2.0)
      nokogiri (>= 1.6)
    rails-html-sanitizer (1.0.4)
      loofah (~> 2.2, >= 2.2.2)
    railties (5.2.2.1)
      actionpack (= 5.2.2.1)
      activesupport (= 5.2.2.1)
      method_source
      rake (>= 0.8.7)
      thor (>= 0.19.0, < 2.0)
    rainbow (3.0.0)
    rake (12.3.2)
    rb-fsevent (0.10.3)
    rb-inotify (0.9.10)
      ffi (>= 0.5.0, < 2)
    representable (3.0.4)
      declarative (< 0.1.0)
      declarative-option (< 0.2.0)
      uber (< 0.2.0)
    retriable (3.1.2)
    reverse_markdown (1.1.0)
      nokogiri
    rfc822 (0.1.5)
    roodi (5.0.0)
      ruby_parser (~> 3.2, >= 3.2.2)
    rspec (3.8.0)
      rspec-core (~> 3.8.0)
      rspec-expectations (~> 3.8.0)
      rspec-mocks (~> 3.8.0)
    rspec-collection_matchers (1.1.3)
      rspec-expectations (>= 2.99.0.beta1)
    rspec-core (3.8.0)
      rspec-support (~> 3.8.0)
    rspec-expectations (3.8.2)
      diff-lcs (>= 1.2.0, < 2.0)
      rspec-support (~> 3.8.0)
    rspec-instafail (1.0.0)
      rspec
    rspec-its (1.2.0)
      rspec-core (>= 3.0.0)
      rspec-expectations (>= 3.0.0)
    rspec-mocks (3.8.0)
      diff-lcs (>= 1.2.0, < 2.0)
      rspec-support (~> 3.8.0)
    rspec-rails (3.8.2)
      actionpack (>= 3.0)
      activesupport (>= 3.0)
      railties (>= 3.0)
      rspec-core (~> 3.8.0)
      rspec-expectations (~> 3.8.0)
      rspec-mocks (~> 3.8.0)
      rspec-support (~> 3.8.0)
    rspec-support (3.8.0)
    rspec-wait (0.0.9)
      rspec (>= 3, < 4)
    rspec_api_documentation (4.4.0)
      activesupport (>= 3.0.0)
      json (~> 1.4, >= 1.4.6)
      mustache (~> 0.99, >= 0.99.4)
      rspec (>= 3.0.0)
    rubocop (0.73.0)
      jaro_winkler (~> 1.5.1)
      parallel (~> 1.10)
      parser (>= 2.6)
      rainbow (>= 2.2.2, < 4.0)
      ruby-progressbar (~> 1.7)
      unicode-display_width (>= 1.4.0, < 1.7)
    ruby-debug-ide (0.7.0.beta4)
      rake (>= 0.8.1)
    ruby-mysql (2.9.14)
    ruby-progressbar (1.10.1)
    ruby_dep (1.5.0)
    ruby_parser (3.8.3)
      sexp_processor (~> 4.1)
    rubyzip (1.3.0)
    safe_yaml (1.0.4)
    scientist (1.1.1)
    sequel (5.22.0)
    sexp_processor (4.7.0)
    signet (0.11.0)
      addressable (~> 2.3)
      faraday (~> 0.9)
      jwt (>= 1.5, < 3.0)
      multi_json (~> 1.10)
    simplecov (0.13.0)
      docile (~> 1.1.0)
      json (>= 1.8, < 3)
      simplecov-html (~> 0.10.0)
    simplecov-html (0.10.2)
    sinatra (2.0.5)
      mustermann (~> 1.0)
      rack (~> 2.0)
      rack-protection (= 2.0.5)
      tilt (~> 2.0)
    sinatra-contrib (2.0.5)
      backports (>= 2.8.2)
      multi_json
      mustermann (~> 1.0)
      rack-protection (= 2.0.5)
      sinatra (= 2.0.5)
      tilt (>= 1.3, < 3)
    solargraph (0.34.3)
      backport (~> 1.1)
      bundler (>= 1.17.2)
      htmlentities (~> 4.3, >= 4.3.4)
      jaro_winkler (~> 1.5)
      kramdown (~> 1.16)
      parser (~> 2.3)
      reverse_markdown (~> 1.0, >= 1.0.5)
      rubocop (~> 0.52)
      thor (~> 0.19, >= 0.19.4)
      tilt (~> 2.0)
      yard (~> 0.9)
    spring (2.1.0)
    spring-commands-rspec (1.0.4)
      spring (>= 0.9.1)
    statsd-ruby (1.4.0)
    steno (1.3.4)
      fluent-logger
      yajl-ruby (~> 1.0)
    subprocess (1.3.2)
    talentbox-delayed_job_sequel (4.3.0)
      delayed_job (~> 4.1.0)
      sequel (>= 3.38, < 6.0)
      tzinfo
    thin (1.7.2)
      daemons (~> 1.0, >= 1.0.9)
      eventmachine (~> 1.0, >= 1.0.4)
      rack (>= 1, < 3)
    thor (0.20.3)
    thread_safe (0.3.6)
    tilt (2.0.9)
    timecop (0.9.1)
    timeliness (0.3.8)
    tzinfo (1.2.5)
      thread_safe (~> 0.1)
    uber (0.1.0)
    unf (0.1.4)
      unf_ext
    unf_ext (0.0.7.5)
    unicode-display_width (1.6.0)
    vhd (0.0.4)
      bit-struct
    vmstat (2.3.0)
    webmock (3.5.1)
      addressable (>= 2.3.6)
      crack (>= 0.3.2)
      hashdiff
    xml-simple (1.1.5)
    yajl-ruby (1.4.1)
    yard (0.9.20)

PLATFORMS
  ruby
  x86_64-darwin-14
  x86_64-darwin-16
  x86_64-darwin-17
  x86_64-linux

DEPENDENCIES
  actionpack (~> 5.2.0)
  actionview (~> 5.2.0)
  activemodel (~> 5.2.0)
  addressable
  allowy
  awesome_print
  azure-storage (= 0.14.0.preview)
  bits_service_client (~> 3.0)
  byebug
  cf-copilot (= 0.0.14)
  cf-perm (~> 0.0.10)
  cf-perm-test-helpers (~> 0.0.6)
  cf-uaa-lib (~> 3.14.0)
  clockwork
  cloudfront-signer
  codeclimate-test-reporter
  debase (>= 0.2.2.beta14)
  em-http-request (~> 1.1)
  eventmachine (~> 1.0.9)
  fog-aliyun
  fog-aws
  fog-azure-rm!
  fog-google
  fog-local
  fog-openstack
  googleapis-common-protos
  hashdiff
  httpclient
  json-schema
  json_pure
  listen
  loggregator_emitter (~> 5.0)
  machinist (~> 1.0.6)
  membrane (~> 1.0)
  mime-types (~> 3.0)
  multi_json
  multipart-parser
  mysql2 (~> 0.5.0)
  net-ssh
  netaddr
  newrelic_rpm
  nokogiri
  palm_civet
  parallel_tests
  pg
  posix-spawn (~> 0.3.6)
  protobuf (= 3.6.12)
  pry-byebug
  public_suffix
  rack-test
  railties (~> 5.2.0)
  rake
  rfc822
  roodi
  rspec (~> 3.8.0)
  rspec-collection_matchers
  rspec-instafail
  rspec-its
  rspec-rails (~> 3.8.0)
  rspec-wait
  rspec_api_documentation
  rubocop
  ruby-debug-ide (>= 0.7.0.beta4)
  rubyzip
  scientist (~> 1.1.0)
  sequel (~> 5.0)
  sinatra (~> 2.0)
  sinatra-contrib
  solargraph
  spork!
  spring
  spring-commands-rspec
  statsd-ruby (~> 1.4.0)
  steno
  talentbox-delayed_job_sequel (~> 4.3.0)
  thin
  timecop
  unf
  vcap-concurrency!
  vmstat (~> 2.0)
  webmock (> 2.3.1)
  yajl-ruby

BUNDLED WITH
   1.17.3
