GIT
  remote: git://github.com/cloudfoundry/common.git
  revision: e36886a189b82f880a5aa3e9169712d5d9048a88
  ref: e36886a1
  specs:
    vcap_logging (1.0.1)
      rake

GIT
  remote: git://github.com/cloudfoundry/eventmachine.git
  revision: 2806c630d8631d5dcf9fb2555f665b829052aabe
  branch: release-0.12.11-cf
  specs:
    eventmachine (0.12.11.cloudfoundry.3)

GIT
  remote: git://github.com/cloudfoundry/uaa.git
  revision: 39d045dbc026122c2ca894fc10d6ff6a6231d23e
  ref: 39d045db
  specs:
    cf-uaa-client (0.2.0)
      em-http-request (>= 1.0.0.beta.3, <= 1.0.0.beta.3)
      eventmachine
      interact
      json_pure
      launchy
      rest-client
      thor

GIT
  remote: git://github.com/cloudfoundry/vcap-common.git
  revision: 16c06d7f9878c228ed7569403d963d0324dffd63
  ref: 16c06d7f
  specs:
    vcap_common (1.0.13)
      eventmachine (~> 0.12.11.cloudfoundry.3)
      nats (~> 0.4.22.beta.8)
      posix-spawn (~> 0.3.6)
      thin (~> 1.3.1)
      yajl-ruby (~> 0.8.3)

GEM
  remote: http://rubygems.org/
  specs:
    addressable (2.2.8)
    backports (2.5.1)
    bcrypt-ruby (3.0.1)
    daemons (1.1.8)
    diff-lcs (1.1.3)
    em-http-request (1.0.0.beta.3)
      addressable (>= 2.2.3)
      em-socksify
      eventmachine
      http_parser.rb (>= 0.5.1)
    em-socksify (0.1.0)
      eventmachine
    http_parser.rb (0.5.3)
    httpclient (2.2.5)
    interact (0.4)
    json_pure (1.7.3)
    launchy (2.1.0)
      addressable (~> 2.2.6)
    machinist (1.0.6)
    mime-types (1.18)
    multi_json (1.3.4)
    nats (0.4.24)
      daemons (>= 1.1.5)
      eventmachine (>= 0.12.10)
      json_pure (>= 1.7.3)
      thin (>= 1.3.1)
    pg (0.13.2)
    posix-spawn (0.3.6)
    rack (1.4.1)
    rack-protection (1.2.0)
      rack
    rack-test (0.6.1)
      rack (>= 1.0)
    rake (0.9.2.2)
    rest-client (1.6.7)
      mime-types (>= 1.16)
    rfc822 (0.1.1)
    rspec (2.9.0)
      rspec-core (~> 2.9.0)
      rspec-expectations (~> 2.9.0)
      rspec-mocks (~> 2.9.0)
    rspec-core (2.9.0)
    rspec-expectations (2.9.1)
      diff-lcs (~> 1.1.3)
    rspec-mocks (2.9.0)
    ruby-graphviz (1.0.5)
    sequel (3.35.0)
    simplecov (0.6.2)
      multi_json (~> 1.3)
      simplecov-html (~> 0.5.3)
    simplecov-html (0.5.3)
    sinatra (1.3.2)
      rack (~> 1.3, >= 1.3.6)
      rack-protection (~> 1.2)
      tilt (~> 1.3, >= 1.3.3)
    sinatra-contrib (1.3.1)
      backports (>= 2.0)
      eventmachine
      rack-protection
      rack-test
      sinatra (~> 1.3.0)
      tilt (~> 1.3)
    sqlite3 (1.3.6)
    thin (1.3.1)
      daemons (>= 1.0.9)
      eventmachine (>= 0.12.6)
      rack (>= 1.0.0)
    thor (0.15.3)
    tilt (1.3.3)
    yajl-ruby (0.8.3)

PLATFORMS
  ruby

DEPENDENCIES
  bcrypt-ruby
  cf-uaa-client (~> 0.2.0)!
  eventmachine!
  httpclient
  machinist (~> 1.0.6)
  pg
  rake
  rfc822
  rspec
  ruby-graphviz
  sequel
  simplecov
  sinatra
  sinatra-contrib
  sqlite3
  vcap_common!
  vcap_logging!
  yajl-ruby
