GEM
  remote: http://rubygems.org/
  specs:
    archive-tar-minitar (0.5.2)
    columnize (0.3.6)
    diff-lcs (1.1.3)
    eventmachine (0.12.11.cloudfoundry.3)
    linecache19 (0.5.12)
      ruby_core_source (>= 0.1.4)
    multi_json (1.3.2)
    rake (0.9.2.2)
    rfc822 (0.1.1)
    rspec (2.9.0)
      rspec-core (~> 2.9.0)
      rspec-expectations (~> 2.9.0)
      rspec-mocks (~> 2.9.0)
    rspec-core (2.9.0)
    rspec-expectations (2.9.1)
      diff-lcs (~> 1.1.3)
    rspec-mocks (2.9.0)
    ruby-debug-base19 (0.11.25)
      columnize (>= 0.3.1)
      linecache19 (>= 0.5.11)
      ruby_core_source (>= 0.1.4)
    ruby-debug19 (0.11.6)
      columnize (>= 0.3.1)
      linecache19 (>= 0.5.11)
      ruby-debug-base19 (>= 0.11.19)
    ruby_core_source (0.1.5)
      archive-tar-minitar (>= 0.5.2)
    sequel (3.32.0)
    simplecov (0.6.2)
      multi_json (~> 1.3)
      simplecov-html (~> 0.5.3)
    simplecov-html (0.5.3)
    sqlite3 (1.3.6)
    vcap-concurrency (0.0.1)
    vcap_logging (1.0.0)
      rake
    yajl-ruby (1.1.0)

PLATFORMS
  ruby

DEPENDENCIES
  eventmachine (~> 0.12.11.cloudfoundry.3)
  rake
  rfc822
  rspec
  ruby-debug19
  sequel
  simplecov
  sqlite3
  vcap-concurrency
  vcap_logging
  yajl-ruby
