GIT
  remote: git://github.com/cloudfoundry/eventmachine.git
  revision: 2806c630d8631d5dcf9fb2555f665b829052aabe
  branch: release-0.12.11-cf
  specs:
    eventmachine (0.12.11.cloudfoundry.3)

GIT
  remote: git://github.com/cloudfoundry/uaa
  revision: 792e78165f7702e1e9d512198e6cf9a035ecddab
  ref: 792e7816
  specs:
    cf-uaa-client (0.2.0)
      em-http-request (>= 1.0.0.beta.3, <= 1.0.0.beta.3)
      eventmachine
      interact
      json_pure
      launchy
      rest-client
      thor

GIT
  remote: git://github.com/cloudfoundry/vcap-common.git
  revision: 6c090f096e22f0de9d3bca8a6388a042a018e27d
  ref: 6c090f09
  specs:
    vcap_common (2.0.2)
      eventmachine
      httpclient
      membrane (~> 0.0.2)
      nats (~> 0.4.22.beta.8)
      posix-spawn (~> 0.3.6)
      thin (~> 1.3.1)
      yajl-ruby (~> 0.8.3)

GIT
  remote: git://github.com/cloudfoundry/vcap-concurrency.git
  revision: 2a5b0179642cb3d3e7f912a6453ec5731979d115
  specs:
    vcap-concurrency (0.1.0)

GIT
  remote: https://github.com/cloudfoundry/stager-client.git
  revision: 04c2aee9ceed39571d47704a42a70beb472503b9
  ref: 04c2aee9
  specs:
    stager-client (0.0.2)
      eventmachine
      nats
      yajl-ruby

GEM
  remote: http://rubygems.org/
  specs:
    addressable (2.3.2)
    backports (2.6.1)
    bcrypt-ruby (3.0.1)
    builder (3.0.0)
    ci_reporter (1.7.0)
      builder (>= 2.1.2)
    daemons (1.1.8)
    diff-lcs (1.1.3)
    em-http-request (1.0.0.beta.3)
      addressable (>= 2.2.3)
      em-socksify
      eventmachine
      http_parser.rb (>= 0.5.1)
    em-socksify (0.1.0)
      eventmachine
    grape (0.2.1)
      hashie (~> 1.2)
      multi_json
      multi_xml
      rack
      rack-mount
    hashie (1.2.0)
    http_parser.rb (0.5.3)
    httpclient (2.2.5)
    interact (0.4.6)
    json_pure (1.7.4)
    launchy (2.1.1)
      addressable (~> 2.3)
    machinist (1.0.6)
    membrane (0.0.2)
    mime-types (1.19)
    multi_json (1.3.6)
    multi_xml (0.5.1)
    nats (0.4.24)
      daemons (>= 1.1.5)
      eventmachine (>= 0.12.10)
      json_pure (>= 1.7.3)
      thin (>= 1.3.1)
    pg (0.13.2)
    posix-spawn (0.3.6)
    rack (1.4.1)
    rack-mount (0.8.3)
      rack (>= 1.0.0)
    rack-protection (1.2.0)
      rack
    rack-test (0.6.1)
      rack (>= 1.0)
    rake (0.9.2.2)
    redis (3.0.1)
    rest-client (1.6.7)
      mime-types (>= 1.16)
    rfc822 (0.1.1)
    rspec (2.10.0)
      rspec-core (~> 2.10.0)
      rspec-expectations (~> 2.10.0)
      rspec-mocks (~> 2.10.0)
    rspec-core (2.10.1)
    rspec-expectations (2.10.0)
      diff-lcs (~> 1.1.3)
    rspec-mocks (2.10.1)
    ruby-graphviz (1.0.5)
    sequel (3.36.1)
    simplecov (0.6.4)
      multi_json (~> 1.0)
      simplecov-html (~> 0.5.3)
    simplecov-html (0.5.3)
    simplecov-rcov (0.2.3)
      simplecov (>= 0.4.1)
    sinatra (1.3.2)
      rack (~> 1.3, >= 1.3.6)
      rack-protection (~> 1.2)
      tilt (~> 1.3, >= 1.3.3)
    sinatra-contrib (1.3.1)
      backports (>= 2.0)
      eventmachine
      rack-protection
      rack-test
      sinatra (~> 1.3.0)
      tilt (~> 1.3)
    sqlite3 (1.3.6)
    steno (0.0.12)
      grape
      yajl-ruby
    thin (1.3.1)
      daemons (>= 1.0.9)
      eventmachine (>= 0.12.6)
      rack (>= 1.0.0)
    thor (0.15.4)
    tilt (1.3.3)
    yajl-ruby (0.8.3)

PLATFORMS
  ruby

DEPENDENCIES
  bcrypt-ruby
  cf-uaa-client (~> 0.2.0)!
  ci_reporter
  eventmachine!
  httpclient
  machinist (~> 1.0.6)
  membrane (~> 0.0.2)
  pg
  rake
  redis
  rfc822
  rspec
  ruby-graphviz
  sequel
  simplecov
  simplecov-rcov
  sinatra
  sinatra-contrib
  sqlite3
  stager-client (~> 0.0.02)!
  steno (~> 0.0.12)
  vcap-concurrency!
  vcap_common (~> 2.0.2)!
  yajl-ruby
