GIT
  remote: https://github.com/TalentBox/delayed_job_sequel
  revision: 8725e1ee4797175c0c596ef9822414007a572e21
  ref: 8725e1ee
  specs:
    talentbox-delayed_job_sequel (4.0.0.dev)
      delayed_job (~> 4.0.0)
      sequel (>= 3.38, < 5.0)
      tzinfo

GIT
  remote: https://github.com/cloudfoundry/cf-message-bus.git
  revision: dbc2fc6e71b70980d6d4559b39ed9451449140eb
  specs:
    cf-message-bus (0.0.5)
      eventmachine (~> 1.0.0)
      nats (= 0.4.26)
      vcap-concurrency
      vcap-concurrency
      yajl-ruby

GIT
  remote: https://github.com/cloudfoundry/cf-uaa-lib.git
  revision: 8d34eede588c7620eb22031369f9515f602df68b
  ref: 8d34eede
  specs:
    cf-uaa-lib (1.3.7)
      multi_json

GIT
  remote: https://github.com/cloudfoundry/stager-client.git
  revision: 04c2aee9ceed39571d47704a42a70beb472503b9
  ref: 04c2aee9
  specs:
    stager-client (0.0.2)
      eventmachine
      nats
      yajl-ruby

GIT
  remote: https://github.com/cloudfoundry/vcap-common.git
  revision: c9e364fef76290190eef7bc26f3766745fcef4a1
  specs:
    vcap_common (2.2.2)
      addressable (~> 2.2)
      em-http-request (~> 1.0)
      eventmachine
      httpclient
      membrane (~> 0.0.2)
      mime-types
      multipart-post
      nats (~> 0.4.24)
      posix-spawn (~> 0.3.6)
      squash_ruby
      steno
      thin
      uuidtools
      vmstat (~> 2.0)
      yajl-ruby

GIT
  remote: https://github.com/cloudfoundry/vcap-concurrency.git
  revision: 2a5b0179642cb3d3e7f912a6453ec5731979d115
  ref: 2a5b0179
  specs:
    vcap-concurrency (0.1.0)

GEM
  remote: http://rubygems.org/
  specs:
    activesupport (3.2.14)
      i18n (~> 0.6, >= 0.6.4)
      multi_json (~> 1.0)
    addressable (2.3.5)
    allowy (0.4.0)
      activesupport (>= 3.2)
      i18n
    atomic (1.1.14)
    backports (3.3.4)
    bcrypt-ruby (3.1.1)
    beefcake (0.3.7)
    builder (3.2.2)
    cloudfront-signer (2.1.0)
    coderay (1.0.9)
    columnize (0.3.6)
    cookiejar (0.3.0)
    crack (0.4.1)
      safe_yaml (~> 0.9.0)
    daemons (1.1.9)
    debugger (1.6.1)
      columnize (>= 0.3.1)
      debugger-linecache (~> 1.2.0)
      debugger-ruby_core_source (~> 1.2.3)
    debugger-linecache (1.2.0)
    debugger-ruby_core_source (1.2.3)
    delayed_job (4.0.0)
      activesupport (>= 3.0, < 4.1)
    descendants_tracker (0.0.1)
    diff-lcs (1.2.4)
    em-http-request (1.1.1)
      addressable (>= 2.3.4)
      cookiejar
      em-socksify (>= 0.3)
      eventmachine (>= 1.0.3)
      http_parser.rb (>= 0.6.0.beta.2)
    em-socksify (0.3.0)
      eventmachine (>= 1.0.0.beta.4)
    eventmachine (1.0.3)
    excon (0.27.6)
    fakefs (0.4.2)
    ffi (1.9.0)
    fluent-logger (0.4.6)
      msgpack (>= 0.4.4, < 0.6.0, != 0.5.3, != 0.5.2, != 0.5.1, != 0.5.0)
      yajl-ruby (~> 1.0)
    fog (1.16.0)
      builder
      excon (~> 0.27.0)
      formatador (~> 0.2.0)
      mime-types
      multi_json (~> 1.0)
      net-scp (~> 1.1)
      net-ssh (>= 2.1.3)
      nokogiri (~> 1.5)
      ruby-hmac
      unicode (~> 0.4.4)
    formatador (0.2.4)
    grape (0.6.0)
      activesupport
      builder
      hashie (>= 1.2.0)
      multi_json (>= 1.3.2)
      multi_xml (>= 0.5.2)
      rack (>= 1.3.0)
      rack-accept
      rack-mount
      virtus
    guard (1.8.2)
      formatador (>= 0.2.4)
      listen (>= 1.0.0)
      lumberjack (>= 1.0.2)
      pry (>= 0.9.10)
      thor (>= 0.14.6)
    guard-rspec (3.0.2)
      guard (>= 1.8)
      rspec (~> 2.13)
    hashie (2.0.5)
    http_parser.rb (0.6.0.beta.2)
    httpclient (2.3.4.1)
    i18n (0.6.5)
    json (1.8.0)
    json_pure (1.8.0)
    listen (1.3.0)
      rb-fsevent (>= 0.9.3)
      rb-inotify (>= 0.9)
      rb-kqueue (>= 0.2)
    loggregator_emitter (2.0.0)
      beefcake (~> 0.3.7)
    lumberjack (1.0.4)
    machinist (1.0.6)
    membrane (0.0.2)
    method_source (0.8.2)
    mime-types (1.25)
    mini_portile (0.5.1)
    msgpack (0.5.6)
    multi_json (1.8.2)
    multi_xml (0.5.5)
    multipart-post (1.2.0)
    mustache (0.99.4)
    mysql2 (0.3.13)
    nats (0.4.26)
      daemons (>= 1.1.5)
      eventmachine (>= 0.12.10)
      json_pure (>= 1.7.3)
      thin (>= 1.4.1)
    net-scp (1.1.2)
      net-ssh (>= 2.6.5)
    net-ssh (2.7.0)
    nokogiri (1.6.0)
      mini_portile (~> 0.5.0)
    parallel (0.7.1)
    parallel_tests (0.15.1)
      parallel
    pg (0.16.0)
    posix-spawn (0.3.6)
    pry (0.9.12.2)
      coderay (~> 1.0.5)
      method_source (~> 0.8)
      slop (~> 3.4)
    rack (1.5.2)
    rack-accept (0.4.5)
      rack (>= 0.4)
    rack-mount (0.8.3)
      rack (>= 1.0.0)
    rack-protection (1.5.0)
      rack
    rack-test (0.6.2)
      rack (>= 1.0)
    rake (10.1.0)
    rb-fsevent (0.9.3)
    rb-inotify (0.9.1)
      ffi (>= 0.5.0)
    rb-kqueue (0.2.0)
      ffi (>= 0.5.0)
    rfc822 (0.1.4)
    rspec (2.14.1)
      rspec-core (~> 2.14.0)
      rspec-expectations (~> 2.14.0)
      rspec-mocks (~> 2.14.0)
    rspec-core (2.14.5)
    rspec-expectations (2.14.2)
      diff-lcs (>= 1.1.3, < 2.0)
    rspec-mocks (2.14.3)
    rspec_api_documentation (1.1.0)
      activesupport (>= 3.0.0)
      i18n (>= 0.1.0)
      json (>= 1.4.6)
      mustache (>= 0.99.4)
      rspec (>= 2.14.0)
      webmock (>= 1.7.0)
    ruby-hmac (0.4.0)
    safe_yaml (0.9.7)
    sequel (3.48.0)
    simplecov (0.7.1)
      multi_json (~> 1.0)
      simplecov-html (~> 0.7.1)
    simplecov-html (0.7.1)
    simplecov-rcov (0.2.3)
      simplecov (>= 0.4.1)
    sinatra (1.4.3)
      rack (~> 1.4)
      rack-protection (~> 1.4)
      tilt (~> 1.3, >= 1.3.4)
    sinatra-contrib (1.4.1)
      backports (>= 2.0)
      multi_json
      rack-protection
      rack-test
      sinatra (~> 1.4.0)
      tilt (~> 1.3)
    slop (3.4.6)
    sqlite3 (1.3.8)
    squash_ruby (1.2.2)
      json
    steno (1.2.2)
      fluent-logger
      grape
      yajl-ruby (~> 1.0)
    thin (1.5.1)
      daemons (>= 1.0.9)
      eventmachine (>= 0.12.6)
      rack (>= 1.0.0)
    thor (0.18.1)
    thread_safe (0.1.3)
      atomic
    tilt (1.4.1)
    timecop (0.6.3)
    tzinfo (1.1.0)
      thread_safe (~> 0.1)
    unicode (0.4.4)
    uuidtools (2.1.4)
    virtus (0.5.5)
      backports (~> 3.3)
      descendants_tracker (~> 0.0.1)
    vmstat (2.0.0)
    webmock (1.14.0)
      addressable (>= 2.2.7)
      crack (>= 0.3.2)
    yajl-ruby (1.1.0)

PLATFORMS
  ruby

DEPENDENCIES
  activesupport (~> 3.0)
  allowy
  bcrypt-ruby
  cf-message-bus!
  cf-uaa-lib (~> 1.3.7)!
  cloudfront-signer
  debugger
  eventmachine (~> 1.0.0)
  fakefs
  fog (~> 1.16.0)
  guard-rspec
  httpclient
  loggregator_emitter (~> 2.0)
  machinist (~> 1.0.6)
  membrane (~> 0.0.2)
  mysql2
  parallel_tests
  pg
  pry
  rack-test
  rake
  rfc822
  rspec
  rspec_api_documentation
  sequel (~> 3.48)
  simplecov
  simplecov-rcov
  sinatra (~> 1.4)
  sinatra-contrib
  sqlite3
  stager-client (~> 0.0.02)!
  steno
  talentbox-delayed_job_sequel!
  timecop
  vcap-concurrency!
  vcap_common!
  webmock
  yajl-ruby
